GEM
  remote: https://rubygems.org/
  specs:
    git (1.2.5)
    rake (0.9.2.2)

PLATFORMS
  ruby

DEPENDENCIES
  git
  rake
