GEM
  remote: https://rubygems.org/
  specs:
    git (1.2.5)
    rake (10.0.2)

PLATFORMS
  ruby

DEPENDENCIES
  bundler
  git
  rake
